GEM
  remote: https://rubygems.org/
  specs:
    capistrano (3.4.0)
      i18n
      rake (>= 10.0.0)
      sshkit (~> 1.3)
    fakeredis (0.5.0)
      redis (~> 3.0)
    hiredis (0.6.1)
    i18n (0.7.0)
    minitest (5.8.4)
    net-scp (1.2.1)
      net-ssh (>= 2.6.5)
    net-ssh (3.1.0)
    pg (0.18.4)
    rack (1.6.4)
    rack-protection (1.5.3)
      rack
    rack-test (0.6.3)
      rack (>= 1.0)
    rake (10.5.0)
    redis (3.2.2)
    sequel (4.32.0)
    sinatra (1.4.7)
      rack (~> 1.5)
      rack-protection (~> 1.4)
      tilt (>= 1.3, < 3)
    sshkit (1.9.0)
      net-scp (>= 1.1.2)
      net-ssh (>= 2.8.0)
    tilt (2.0.2)

PLATFORMS
  ruby

DEPENDENCIES
  capistrano (~> 3.0)
  fakeredis (~> 0.4)
  hiredis (~> 0.4)
  minitest (~> 5.2)
  pg
  rack-test (~> 0.6)
  rake (~> 10.0)
  redis (~> 3.0)
  sequel
  sinatra (~> 1.4)

BUNDLED WITH
   1.11.2
